GEM
  remote: https://rubygems.org/
  specs:
    byebug (5.0.0)
      columnize (= 0.9.0)
    columnize (0.9.0)
    hosts (0.1.1)
      linebreak (~> 2.0.1)
    ipaddress (0.8.0)
    linebreak (2.0.1)

PLATFORMS
  ruby

DEPENDENCIES
  byebug
  hosts
  ipaddress
